PATH
  remote: .
  specs:
    i18n-js (3.0.0.rc3)
      i18n

GEM
  remote: http://rubygems.org/
  specs:
    activesupport (3.2.8)
      i18n (~> 0.6)
      multi_json (~> 1.0)
    awesome_print (1.1.0)
    coderay (1.0.8)
    diff-lcs (1.1.3)
    i18n (0.6.1)
    method_source (0.8.1)
    multi_json (1.3.6)
    pry (0.9.10)
      coderay (~> 1.0.5)
      method_source (~> 0.8)
      slop (~> 3.3.1)
    rake (0.9.2.2)
    rspec (2.11.0)
      rspec-core (~> 2.11.0)
      rspec-expectations (~> 2.11.0)
      rspec-mocks (~> 2.11.0)
    rspec-core (2.11.1)
    rspec-expectations (2.11.3)
      diff-lcs (~> 1.1.3)
    rspec-mocks (2.11.3)
    slop (3.3.3)

PLATFORMS
  ruby

DEPENDENCIES
  activesupport
  awesome_print
  i18n-js!
  pry
  rake
  rspec
